GEM
  remote: https://rubygems.org/
  specs:
    addressable (2.4.0)
    bibtex-ruby (4.3.0)
      latex-decode (~> 0.0)
    citeproc (1.0.3)
      namae (~> 0.8)
    citeproc-ruby (1.1.2)
      citeproc (>= 1.0.2, < 2.0)
      csl (~> 1.4)
    colorator (0.1)
    concurrent-ruby (1.0.2)
    csl (1.4.4)
      namae (~> 0.7)
    csl-styles (1.0.1.7)
      csl (~> 1.0)
    execjs (2.6.0)
    extras (0.1.0)
      forwardable-extended (~> 2.5)
    fastimage (2.0.0)
      addressable (~> 2)
    ffi (1.13.1)
    font-awesome-sass (4.6.2)
      sass (>= 3.2)
    forwardable-extended (2.6.0)
    jekyll (3.1.3)
      colorator (~> 0.1)
      jekyll-sass-converter (~> 1.0)
      jekyll-watch (~> 1.1)
      kramdown (~> 1.3)
      liquid (~> 3.0)
      mercenary (~> 0.3.3)
      rouge (~> 1.7)
      safe_yaml (~> 1.0)
    jekyll-assets (2.2.5)
      extras (~> 0.1)
      fastimage (~> 2.0, >= 1.8)
      jekyll (~> 3.1, >= 3.0)
      pathutil (>= 0.8)
      sprockets (~> 3.3)
    jekyll-polyglot (1.2.0)
      jekyll (~> 3.1, >= 3.0)
    jekyll-sass-converter (1.4.0)
      sass (~> 3.4)
    jekyll-scholar (5.8.0)
      bibtex-ruby (~> 4.0, >= 4.0.13)
      citeproc-ruby (~> 1.0)
      csl-styles (~> 1.0)
      jekyll (~> 3.0)
    jekyll-watch (1.4.0)
      listen (~> 3.0, < 3.1)
    kramdown (1.11.1)
    latex-decode (0.2.2)
      unicode (~> 0.4)
    liquid (3.0.6)
    listen (3.0.7)
      rb-fsevent (>= 0.9.3)
      rb-inotify (>= 0.9.7)
    mercenary (0.3.6)
    namae (0.10.1)
    pathutil (0.9.0)
      forwardable-extended (~> 2.6)
    rack (2.2.3)
    rb-fsevent (0.9.7)
    rb-inotify (0.9.7)
      ffi (>= 0.5.0)
    rouge (1.10.1)
    safe_yaml (1.0.4)
    sass (3.4.22)
    sprockets (3.6.0)
      concurrent-ruby (~> 1.0)
      rack (> 1, < 3)
    trollop (2.1.2)
    uglifier (3.0.0)
      execjs (>= 0.3.0, < 3)
    unicode (0.4.4.2)

PLATFORMS
  ruby

DEPENDENCIES
  font-awesome-sass
  jekyll-assets
  jekyll-polyglot
  jekyll-scholar
  sass
  trollop
  uglifier

BUNDLED WITH
   1.12.3
